RESTRICTION: == net472
NUGET
  remote: https://api.nuget.org/v3/index.json
    Humanizer.Core (2.7.9)
    JetBrains.Annotations (2020.1)
    Newtonsoft.Json (12.0.3)
    System.Reactive (4.4.1)
      System.Threading.Tasks.Extensions (>= 4.5.4)
      System.ValueTuple (>= 4.5)
    System.Reactive.Linq (4.4.1)
      System.Reactive (>= 4.4.1)
      System.Threading.Tasks.Extensions (>= 4.5.4)
    System.Runtime.CompilerServices.Unsafe (4.7.1)
    System.Threading.Tasks.Extensions (4.5.4)
      System.Runtime.CompilerServices.Unsafe (>= 4.5.3)
    System.ValueTuple (4.5)
    YamlDotNet (8.1)

GROUP _Contract
RESTRICTION: == netstandard2.0
NUGET
  remote: https://api.nuget.org/v3/index.json
    JetBrains.Annotations (2020.1)

GROUP _Support
RESTRICTION: == netstandard2.0
NUGET
  remote: https://api.nuget.org/v3/index.json
    Microsoft.NETCore.Platforms (3.1)
    Microsoft.NETCore.Targets (3.1)
    Newtonsoft.Json (12.0.3)
    NLog (4.7)
    System.Reactive (4.4.1)
      System.Runtime.InteropServices.WindowsRuntime (>= 4.3)
      System.Threading.Tasks.Extensions (>= 4.5.4)
    System.Reactive.Linq (4.4.1)
      System.Reactive (>= 4.4.1)
      System.Threading.Tasks.Extensions (>= 4.5.4)
    System.Runtime (4.3.1)
      Microsoft.NETCore.Platforms (>= 1.1.1)
      Microsoft.NETCore.Targets (>= 1.1.3)
    System.Runtime.CompilerServices.Unsafe (4.7.1)
    System.Runtime.InteropServices.WindowsRuntime (4.3)
      System.Runtime (>= 4.3)
    System.Threading.Tasks.Extensions (4.5.4)
      System.Runtime.CompilerServices.Unsafe (>= 4.5.3)

GROUP _Test
RESTRICTION: == net472
NUGET
  remote: https://api.nuget.org/v3/index.json
    Castle.Core (4.4)
    FluentAssertions (5.10.3)
    Moq (4.13.1)
      Castle.Core (>= 4.4)
      System.Threading.Tasks.Extensions (>= 4.5.1)
    System.Runtime.CompilerServices.Unsafe (4.7.1)
    System.Threading.Tasks.Extensions (4.5.4)
      System.Runtime.CompilerServices.Unsafe (>= 4.5.3)
    xunit (2.4.1)
      xunit.analyzers (>= 0.10)
      xunit.assert (2.4.1)
      xunit.core (2.4.1)
    xunit.abstractions (2.0.3)
    xunit.analyzers (0.10)
    xunit.assert (2.4.1)
    xunit.core (2.4.1)
      xunit.extensibility.core (2.4.1)
      xunit.extensibility.execution (2.4.1)
    xunit.extensibility.core (2.4.1)
      xunit.abstractions (>= 2.0.3)
    xunit.extensibility.execution (2.4.1)
      xunit.extensibility.core (2.4.1)

GROUP _UI
RESTRICTION: == net472
NUGET
  remote: https://api.nuget.org/v3/index.json
    Caliburn.Micro (3.2)
      Caliburn.Micro.Core (3.2)
    Caliburn.Micro.Core (3.2)
    ControlzEx (3.0.2.4)
    DynamicData (6.14.10)
      System.Reactive (>= 4.3.2)
    MahApps.Metro (1.6.5)
      ControlzEx (>= 3.0.2.4 < 4.0)
    ModernUI.WPF (1.0.9)
    OxyPlot.Core (2.0)
    OxyPlot.Wpf (2.0)
      OxyPlot.Core (>= 2.0)
    ReactiveUI (11.3.1)
      DynamicData (>= 6.14.8)
      Splat (>= 9.4.1)
      System.Reactive (>= 4.3.2)
      System.ValueTuple (>= 4.5)
    ReactiveUI.WPF (11.3.1)
      ReactiveUI (>= 11.3.1)
      System.Reactive (>= 4.3.2)
    Splat (9.4.1)
      System.ValueTuple (>= 4.5)
    System.Reactive (4.4.1)
      System.Threading.Tasks.Extensions (>= 4.5.4)
      System.ValueTuple (>= 4.5)
    System.Runtime.CompilerServices.Unsafe (4.7.1)
    System.Threading.Tasks.Extensions (4.5.4)
      System.Runtime.CompilerServices.Unsafe (>= 4.5.3)
    System.ValueTuple (4.5)

GROUP _Vision
RESTRICTION: == net472
NUGET
  remote: https://api.nuget.org/v3/index.json
    AForge (2.2.5)
    AForge.Imaging (2.2.5)
      AForge (>= 2.2.5)
      AForge.Math (>= 2.2.5)
    AForge.Math (2.2.5)
      AForge (>= 2.2.5)
    WriteableBitmapEx (1.6.5)
